PATH
  remote: .
  specs:
    activerecord_settings (0.0.2)
      activerecord (>= 3.0, < 5.2)

GEM
  remote: https://rubygems.org/
  specs:
    actionpack (3.2.22.5)
      activemodel (= 3.2.22.5)
      activesupport (= 3.2.22.5)
      builder (~> 3.0.0)
      erubis (~> 2.7.0)
      journey (~> 1.0.4)
      rack (~> 1.4.5)
      rack-cache (~> 1.2)
      rack-test (~> 0.6.1)
      sprockets (~> 2.2.1)
    activemodel (3.2.22.5)
      activesupport (= 3.2.22.5)
      builder (~> 3.0.0)
    activerecord (3.2.22.5)
      activemodel (= 3.2.22.5)
      activesupport (= 3.2.22.5)
      arel (~> 3.0.2)
      tzinfo (~> 0.3.29)
    activesupport (3.2.22.5)
      i18n (~> 0.6, >= 0.6.4)
      multi_json (~> 1.0)
    arel (3.0.3)
    builder (3.0.4)
    concurrent-ruby (1.0.5)
    diff-lcs (1.3)
    erubis (2.7.0)
    generator_spec (0.9.4)
      activesupport (>= 3.0.0)
      railties (>= 3.0.0)
    hike (1.2.3)
    i18n (0.9.3)
      concurrent-ruby (~> 1.0)
    journey (1.0.4)
    json (1.8.6)
    multi_json (1.13.1)
    power_assert (0.2.6)
    rack (1.4.7)
    rack-cache (1.7.1)
      rack (>= 0.4)
    rack-ssl (1.3.4)
      rack
    rack-test (0.6.3)
      rack (>= 1.0)
    railties (3.2.22.5)
      actionpack (= 3.2.22.5)
      activesupport (= 3.2.22.5)
      rack-ssl (~> 1.3.2)
      rake (>= 0.8.7)
      rdoc (~> 3.4)
      thor (>= 0.14.6, < 2.0)
    rake (10.5.0)
    rdoc (3.12.2)
      json (~> 1.4)
    rspec (3.7.0)
      rspec-core (~> 3.7.0)
      rspec-expectations (~> 3.7.0)
      rspec-mocks (~> 3.7.0)
    rspec-core (3.7.1)
      rspec-support (~> 3.7.0)
    rspec-expectations (3.7.0)
      diff-lcs (>= 1.2.0, < 2.0)
      rspec-support (~> 3.7.0)
    rspec-mocks (3.7.0)
      diff-lcs (>= 1.2.0, < 2.0)
      rspec-support (~> 3.7.0)
    rspec-support (3.7.1)
    sprockets (2.2.3)
      hike (~> 1.2)
      multi_json (~> 1.0)
      rack (~> 1.0)
      tilt (~> 1.1, != 1.3.0)
    sqlite3 (1.3.13)
    test-unit (3.1.5)
      power_assert
    thor (0.20.0)
    tilt (1.4.1)
    timecop (0.9.1)
    tzinfo (0.3.53)

PLATFORMS
  ruby

DEPENDENCIES
  activerecord_settings!
  bundler (~> 1.16)
  generator_spec (~> 0)
  rake (~> 10.0)
  rspec (~> 3.0)
  sqlite3 (~> 1.0)
  test-unit (~> 3.0)
  timecop (~> 0.9)

BUNDLED WITH
   1.16.1
